NUGET
  remote: http://api.nuget.org/v3/index.json
    FAKE (4.36)
    FsCheck (2.5)
      FSharp.Core (>= 3.1.2.5)
    FsCheck.Nunit (2.5)
      FsCheck (>= 2.5)
      NUnit (>= 2.6.4 < 2.7)
      NUnit.Runners (>= 2.6.4 < 2.7)
    FsCheck.Xunit (2.5)
      FsCheck (>= 2.5)
      xunit.extensibility.execution (>= 2.1 < 3.0)
    FSharp.Compiler.Service (2.0.0.6)
    FSharp.Core (4.0.1.5) - copy_local: true, redirects: force
      Microsoft.NETCore.Platforms (>= 1.0.1) - framework: >= netstandard16
      NETStandard.Library (>= 1.6) - framework: >= netstandard16
      System.Linq.Expressions (>= 4.1) - framework: >= netstandard16
      System.Linq.Queryable (>= 4.0.1) - framework: >= netstandard16
      System.Net.Requests (>= 4.0.11) - framework: >= netstandard16
      System.Reflection.Emit (>= 4.0.1) - framework: >= netstandard16
      System.Reflection.TypeExtensions (>= 4.1) - framework: >= netstandard16
      System.Runtime.Loader (>= 4.0) - framework: >= netstandard16
      System.Threading.Tasks.Parallel (>= 4.0.1) - framework: >= netstandard16
      System.Threading.Thread (>= 4.0) - framework: >= netstandard16
      System.Threading.ThreadPool (>= 4.0.10) - framework: >= netstandard16
    FSharp.Formatting (2.14.4)
      FSharp.Compiler.Service (2.0.0.6)
      FSharpVSPowerTools.Core (>= 2.3 < 2.4)
    FSharpVSPowerTools.Core (2.3)
      FSharp.Compiler.Service (>= 2.0.0.3)
    Microsoft.Bcl (1.1.10) - framework: net10, net11, net20, net30, net35, net40, net40-full
      Microsoft.Bcl.Build (>= 1.0.14)
    Microsoft.Bcl.Build (1.0.21) - import_targets: false, framework: net10, net11, net20, net30, net35, net40, net40-full
    Microsoft.Net.Http (2.2.29) - framework: net10, net11, net20, net30, net35, net40, net40-full
      Microsoft.Bcl (>= 1.1.10)
      Microsoft.Bcl.Build (>= 1.0.14)
    Microsoft.NETCore.Platforms (1.0.1) - copy_local: true, redirects: force, framework: dnxcore50, >= netstandard16
    Microsoft.NETCore.Targets (1.0.1) - framework: dnxcore50, >= netstandard16
    Microsoft.Win32.Primitives (4.0.1) - copy_local: true, redirects: force, framework: >= netstandard16
      Microsoft.NETCore.Platforms (>= 1.0.1) - framework: >= netstandard13
      Microsoft.NETCore.Targets (>= 1.0.1) - framework: >= netstandard13
      System.Runtime (>= 4.1) - framework: >= netstandard13
    NETStandard.Library (1.6) - copy_local: true, redirects: force, framework: >= netstandard16
      Microsoft.NETCore.Platforms (>= 1.0.1) - framework: >= netstandard10
      Microsoft.Win32.Primitives (>= 4.0.1) - framework: >= netstandard13
      System.AppContext (>= 4.1) - framework: >= netstandard13
      System.Collections (>= 4.0.11) - framework: >= netstandard10
      System.Collections.Concurrent (>= 4.0.12) - framework: >= netstandard11
      System.Console (>= 4.0) - framework: >= netstandard13
      System.Diagnostics.Debug (>= 4.0.11) - framework: >= netstandard10
      System.Diagnostics.Tools (>= 4.0.1) - framework: >= netstandard10
      System.Diagnostics.Tracing (>= 4.1) - framework: >= netstandard11
      System.Globalization (>= 4.0.11) - framework: >= netstandard10
      System.Globalization.Calendars (>= 4.0.1) - framework: >= netstandard13
      System.IO (>= 4.1) - framework: >= netstandard10
      System.IO.Compression (>= 4.1) - framework: >= netstandard11
      System.IO.Compression.ZipFile (>= 4.0.1) - framework: >= netstandard13
      System.IO.FileSystem (>= 4.0.1) - framework: >= netstandard13
      System.IO.FileSystem.Primitives (>= 4.0.1) - framework: >= netstandard13
      System.Linq (>= 4.1) - framework: >= netstandard10
      System.Linq.Expressions (>= 4.1) - framework: >= netstandard10
      System.Net.Http (>= 4.1) - framework: >= netstandard11
      System.Net.Primitives (>= 4.0.11) - framework: >= netstandard10
      System.Net.Sockets (>= 4.1) - framework: >= netstandard13
      System.ObjectModel (>= 4.0.12) - framework: >= netstandard10
      System.Reflection (>= 4.1) - framework: >= netstandard10
      System.Reflection.Extensions (>= 4.0.1) - framework: >= netstandard10
      System.Reflection.Primitives (>= 4.0.1) - framework: >= netstandard10
      System.Resources.ResourceManager (>= 4.0.1) - framework: >= netstandard10
      System.Runtime (>= 4.1) - framework: >= netstandard10
      System.Runtime.Extensions (>= 4.1) - framework: >= netstandard10
      System.Runtime.Handles (>= 4.0.1) - framework: >= netstandard13
      System.Runtime.InteropServices (>= 4.1) - framework: >= netstandard11
      System.Runtime.InteropServices.RuntimeInformation (>= 4.0) - framework: >= netstandard11
      System.Runtime.Numerics (>= 4.0.1) - framework: >= netstandard11
      System.Security.Cryptography.Algorithms (>= 4.2) - framework: >= netstandard13
      System.Security.Cryptography.Encoding (>= 4.0) - framework: >= netstandard13
      System.Security.Cryptography.Primitives (>= 4.0) - framework: >= netstandard13
      System.Security.Cryptography.X509Certificates (>= 4.1) - framework: >= netstandard13
      System.Text.Encoding (>= 4.0.11) - framework: >= netstandard10
      System.Text.Encoding.Extensions (>= 4.0.11) - framework: >= netstandard10
      System.Text.RegularExpressions (>= 4.1) - framework: >= netstandard10
      System.Threading (>= 4.0.11) - framework: >= netstandard10
      System.Threading.Tasks (>= 4.0.11) - framework: >= netstandard10
      System.Threading.Timer (>= 4.0.1) - framework: >= netstandard12
      System.Xml.ReaderWriter (>= 4.0.11) - framework: >= netstandard10
      System.Xml.XDocument (>= 4.0.11) - framework: >= netstandard10
    NUnit (2.6.4)
    NUnit.Runners (2.6.4)
    Octokit (0.21.1)
      Microsoft.Net.Http  - framework: net10, net11, net20, net30, net35, net40, net40-full
    runtime.native.System (4.0) - copy_local: true, redirects: force, framework: >= netstandard16
      Microsoft.NETCore.Platforms (>= 1.0.1)
      Microsoft.NETCore.Targets (>= 1.0.1)
    runtime.native.System.IO.Compression (4.1) - copy_local: true, redirects: force, framework: >= netstandard16
      Microsoft.NETCore.Platforms (>= 1.0.1)
      Microsoft.NETCore.Targets (>= 1.0.1)
    runtime.native.System.Net.Http (4.0.1) - copy_local: true, redirects: force, framework: >= netstandard16
      Microsoft.NETCore.Platforms (>= 1.0.1)
      Microsoft.NETCore.Targets (>= 1.0.1)
    runtime.native.System.Security.Cryptography (4.0) - copy_local: true, redirects: force, framework: >= netstandard16
      Microsoft.NETCore.Platforms (>= 1.0.1)
      Microsoft.NETCore.Targets (>= 1.0.1)
    SourceLink.Fake (1.1)
    System.AppContext (4.1) - copy_local: true, redirects: force, framework: >= netstandard16
      System.Runtime (>= 4.1) - framework: dnxcore50, netstandard13, >= netstandard16
    System.Buffers (4.0) - copy_local: true, redirects: force, framework: >= netstandard16
      System.Diagnostics.Debug (>= 4.0.11) - framework: >= netstandard11
      System.Diagnostics.Tracing (>= 4.1) - framework: >= netstandard11
      System.Resources.ResourceManager (>= 4.0.1) - framework: >= netstandard11
      System.Runtime (>= 4.1) - framework: >= netstandard11
      System.Threading (>= 4.0.11) - framework: >= netstandard11
    System.Collections (4.0.11) - framework: dnxcore50, >= netstandard16
      Microsoft.NETCore.Platforms (>= 1.0.1) - framework: dnxcore50, netstandard10, >= netstandard13
      Microsoft.NETCore.Targets (>= 1.0.1) - framework: dnxcore50, netstandard10, >= netstandard13
      System.Runtime (>= 4.1) - framework: dnxcore50, netstandard10, >= netstandard13
    System.Collections.Concurrent (4.0.12) - copy_local: true, redirects: force, framework: >= netstandard16
      System.Collections (>= 4.0.11) - framework: dnxcore50, >= netstandard13
      System.Diagnostics.Debug (>= 4.0.11) - framework: dnxcore50, >= netstandard13
      System.Diagnostics.Tracing (>= 4.1) - framework: dnxcore50, >= netstandard13
      System.Globalization (>= 4.0.11) - framework: dnxcore50, >= netstandard13
      System.Reflection (>= 4.1) - framework: >= netstandard13
      System.Resources.ResourceManager (>= 4.0.1) - framework: dnxcore50, >= netstandard13
      System.Runtime (>= 4.1) - framework: dnxcore50, netstandard11, >= netstandard13
      System.Runtime.Extensions (>= 4.1) - framework: dnxcore50, >= netstandard13
      System.Threading (>= 4.0.11) - framework: dnxcore50, >= netstandard13
      System.Threading.Tasks (>= 4.0.11) - framework: dnxcore50, netstandard11, >= netstandard13
    System.Console (4.0) - copy_local: true, redirects: force, framework: >= netstandard16
      Microsoft.NETCore.Platforms (>= 1.0.1) - framework: >= netstandard13
      Microsoft.NETCore.Targets (>= 1.0.1) - framework: >= netstandard13
      System.IO (>= 4.1) - framework: >= netstandard13
      System.Runtime (>= 4.1) - framework: >= netstandard13
      System.Text.Encoding (>= 4.0.11) - framework: >= netstandard13
    System.Diagnostics.Debug (4.0.11) - framework: dnxcore50, >= netstandard16
      Microsoft.NETCore.Platforms (>= 1.0.1) - framework: dnxcore50, netstandard10, >= netstandard13
      Microsoft.NETCore.Targets (>= 1.0.1) - framework: dnxcore50, netstandard10, >= netstandard13
      System.Runtime (>= 4.1) - framework: dnxcore50, netstandard10, >= netstandard13
    System.Diagnostics.DiagnosticSource (4.0) - copy_local: true, redirects: force, framework: >= netstandard16
      System.Collections (>= 4.0.11) - framework: netstandard11, >= netstandard13
      System.Diagnostics.Tracing (>= 4.1) - framework: netstandard11, >= netstandard13
      System.Reflection (>= 4.1) - framework: netstandard11, >= netstandard13
      System.Runtime (>= 4.1) - framework: netstandard11, >= netstandard13
      System.Threading (>= 4.0.11) - framework: netstandard11, >= netstandard13
    System.Diagnostics.Tools (4.0.1) - copy_local: true, redirects: force, framework: >= netstandard16
      Microsoft.NETCore.Platforms (>= 1.0.1) - framework: dnxcore50, >= netstandard10
      Microsoft.NETCore.Targets (>= 1.0.1) - framework: dnxcore50, >= netstandard10
      System.Runtime (>= 4.1) - framework: dnxcore50, >= netstandard10
    System.Diagnostics.Tracing (4.1) - copy_local: true, redirects: force, framework: >= netstandard16
      Microsoft.NETCore.Platforms (>= 1.0.1) - framework: dnxcore50, netstandard11, netstandard12, netstandard13, >= netstandard15
      Microsoft.NETCore.Targets (>= 1.0.1) - framework: dnxcore50, netstandard11, netstandard12, netstandard13, >= netstandard15
      System.Runtime (>= 4.1) - framework: dnxcore50, netstandard11, netstandard12, netstandard13, >= netstandard15
    System.Globalization (4.0.11) - framework: dnxcore50, >= netstandard16
      Microsoft.NETCore.Platforms (>= 1.0.1) - framework: dnxcore50, netstandard10, >= netstandard13
      Microsoft.NETCore.Targets (>= 1.0.1) - framework: dnxcore50, netstandard10, >= netstandard13
      System.Runtime (>= 4.1) - framework: dnxcore50, netstandard10, >= netstandard13
    System.Globalization.Calendars (4.0.1) - copy_local: true, redirects: force, framework: >= netstandard16
      Microsoft.NETCore.Platforms (>= 1.0.1) - framework: >= netstandard13
      Microsoft.NETCore.Targets (>= 1.0.1) - framework: >= netstandard13
      System.Globalization (>= 4.0.11) - framework: >= netstandard13
      System.Runtime (>= 4.1) - framework: >= netstandard13
    System.Globalization.Extensions (4.0.1) - copy_local: true, redirects: force, framework: >= netstandard16
      Microsoft.NETCore.Platforms (>= 1.0.1) - framework: >= netstandard13
      System.Globalization (>= 4.0.11) - framework: >= netstandard13
      System.Resources.ResourceManager (>= 4.0.1) - framework: >= netstandard13
      System.Runtime (>= 4.1) - framework: >= netstandard13
      System.Runtime.Extensions (>= 4.1) - framework: >= netstandard13
      System.Runtime.InteropServices (>= 4.1) - framework: >= netstandard13
    System.IO (4.1) - framework: dnxcore50, >= netstandard16
      Microsoft.NETCore.Platforms (>= 1.0.1) - framework: dnxcore50, netstandard10, netstandard13, >= netstandard15
      Microsoft.NETCore.Targets (>= 1.0.1) - framework: dnxcore50, netstandard10, netstandard13, >= netstandard15
      System.Runtime (>= 4.1) - framework: dnxcore50, netstandard10, netstandard13, >= netstandard15
      System.Text.Encoding (>= 4.0.11) - framework: dnxcore50, netstandard10, netstandard13, >= netstandard15
      System.Threading.Tasks (>= 4.0.11) - framework: dnxcore50, netstandard10, netstandard13, >= netstandard15
    System.IO.Compression (4.1) - copy_local: true, redirects: force, framework: >= netstandard16
      Microsoft.NETCore.Platforms (>= 1.0.1) - framework: >= netstandard13
      runtime.native.System (>= 4.0) - framework: >= netstandard13
      runtime.native.System.IO.Compression (>= 4.1) - framework: >= netstandard13
      System.Collections (>= 4.0.11) - framework: >= netstandard13
      System.Diagnostics.Debug (>= 4.0.11) - framework: >= netstandard13
      System.IO (>= 4.1) - framework: dnxcore50, netstandard11, >= netstandard13
      System.Resources.ResourceManager (>= 4.0.1) - framework: >= netstandard13
      System.Runtime (>= 4.1) - framework: dnxcore50, netstandard11, >= netstandard13
      System.Runtime.Extensions (>= 4.1) - framework: >= netstandard13
      System.Runtime.Handles (>= 4.0.1) - framework: >= netstandard13
      System.Runtime.InteropServices (>= 4.1) - framework: >= netstandard13
      System.Text.Encoding (>= 4.0.11) - framework: dnxcore50, netstandard11, >= netstandard13
      System.Threading (>= 4.0.11) - framework: >= netstandard13
      System.Threading.Tasks (>= 4.0.11) - framework: dnxcore50, >= netstandard13
    System.IO.Compression.ZipFile (4.0.1) - copy_local: true, redirects: force, framework: >= netstandard16
      System.Buffers (>= 4.0) - framework: >= netstandard13
      System.IO (>= 4.1) - framework: >= netstandard13
      System.IO.Compression (>= 4.1) - framework: >= netstandard13
      System.IO.FileSystem (>= 4.0.1) - framework: >= netstandard13
      System.IO.FileSystem.Primitives (>= 4.0.1) - framework: >= netstandard13
      System.Resources.ResourceManager (>= 4.0.1) - framework: >= netstandard13
      System.Runtime (>= 4.1) - framework: >= netstandard13
      System.Runtime.Extensions (>= 4.1) - framework: >= netstandard13
      System.Text.Encoding (>= 4.0.11) - framework: >= netstandard13
    System.IO.FileSystem (4.0.1) - copy_local: true, redirects: force, framework: >= netstandard16
      Microsoft.NETCore.Platforms (>= 1.0.1) - framework: >= netstandard13
      Microsoft.NETCore.Targets (>= 1.0.1) - framework: >= netstandard13
      System.IO (>= 4.1) - framework: >= netstandard13
      System.IO.FileSystem.Primitives (>= 4.0.1) - framework: >= net46, >= netstandard13
      System.Runtime (>= 4.1) - framework: >= netstandard13
      System.Runtime.Handles (>= 4.0.1) - framework: >= netstandard13
      System.Text.Encoding (>= 4.0.11) - framework: >= netstandard13
      System.Threading.Tasks (>= 4.0.11) - framework: >= netstandard13
    System.IO.FileSystem.Primitives (4.0.1) - copy_local: true, redirects: force, framework: >= netstandard16
      System.Runtime (>= 4.1) - framework: >= netstandard13
    System.Linq (4.1) - framework: dnxcore50, >= netstandard16
      System.Collections (>= 4.0.11) - framework: dnxcore50, netstandard10, >= netstandard16
      System.Diagnostics.Debug (>= 4.0.11) - framework: dnxcore50, >= netstandard16
      System.Resources.ResourceManager (>= 4.0.1) - framework: dnxcore50, >= netstandard16
      System.Runtime (>= 4.1) - framework: dnxcore50, netstandard10, >= netstandard16
      System.Runtime.Extensions (>= 4.1) - framework: dnxcore50, >= netstandard16
    System.Linq.Expressions (4.1) - copy_local: true, redirects: force, framework: dnxcore50, >= netstandard16
      System.Collections (>= 4.0.11) - framework: dnxcore50, >= netstandard16
      System.Diagnostics.Debug (>= 4.0.11) - framework: dnxcore50, >= netstandard16
      System.Globalization (>= 4.0.11) - framework: dnxcore50, >= netstandard16
      System.IO (>= 4.1) - framework: dnxcore50, >= netstandard16
      System.Linq (>= 4.1) - framework: dnxcore50, >= netstandard16
      System.ObjectModel (>= 4.0.12) - framework: >= netstandard16
      System.Reflection (>= 4.1) - framework: dnxcore50, netstandard10, netstandard13, >= netstandard16
      System.Reflection.Emit (>= 4.0.1) - framework: >= netstandard16
      System.Reflection.Emit.ILGeneration (>= 4.0.1) - framework: dnxcore50, >= netstandard16
      System.Reflection.Emit.Lightweight (>= 4.0.1) - framework: dnxcore50, >= netstandard16
      System.Reflection.Extensions (>= 4.0.1) - framework: dnxcore50, >= netstandard16
      System.Reflection.Primitives (>= 4.0.1) - framework: dnxcore50, >= netstandard16
      System.Reflection.TypeExtensions (>= 4.1) - framework: dnxcore50, >= netstandard16
      System.Resources.ResourceManager (>= 4.0.1) - framework: dnxcore50, >= netstandard16
      System.Runtime (>= 4.1) - framework: dnxcore50, netstandard10, netstandard13, >= netstandard16
      System.Runtime.Extensions (>= 4.1) - framework: dnxcore50, >= netstandard16
      System.Threading (>= 4.0.11) - framework: dnxcore50, >= netstandard16
    System.Linq.Queryable (4.0.1) - copy_local: true, redirects: force, framework: >= netstandard16
      System.Collections (>= 4.0.11) - framework: dnxcore50, >= netstandard13
      System.Diagnostics.Debug (>= 4.0.11) - framework: dnxcore50, >= netstandard13
      System.Linq (>= 4.1) - framework: dnxcore50, netstandard10, >= netstandard13
      System.Linq.Expressions (>= 4.1) - framework: dnxcore50, netstandard10, >= netstandard13
      System.Reflection (>= 4.1) - framework: dnxcore50, >= netstandard13
      System.Reflection.Extensions (>= 4.0.1) - framework: dnxcore50, >= netstandard13
      System.Resources.ResourceManager (>= 4.0.1) - framework: dnxcore50, >= netstandard13
      System.Runtime (>= 4.1) - framework: dnxcore50, netstandard10, >= netstandard13
    System.Net.Http (4.1) - copy_local: true, redirects: force, framework: >= netstandard16
      Microsoft.NETCore.Platforms (>= 1.0.1) - framework: dnxcore50, netstandard13, >= netstandard16
      runtime.native.System (>= 4.0) - framework: >= netstandard16
      runtime.native.System.Net.Http (>= 4.0.1) - framework: >= netstandard16
      runtime.native.System.Security.Cryptography (>= 4.0) - framework: >= netstandard16
      System.Collections (>= 4.0.11) - framework: dnxcore50, netstandard13, >= netstandard16
      System.Diagnostics.Debug (>= 4.0.11) - framework: dnxcore50, netstandard13, >= netstandard16
      System.Diagnostics.DiagnosticSource (>= 4.0) - framework: >= net46, dnxcore50, netstandard13, >= netstandard16
      System.Diagnostics.Tracing (>= 4.1) - framework: dnxcore50, netstandard13, >= netstandard16
      System.Globalization (>= 4.0.11) - framework: dnxcore50, netstandard13, >= netstandard16
      System.Globalization.Extensions (>= 4.0.1) - framework: >= netstandard16
      System.IO (>= 4.1) - framework: dnxcore50, netstandard11, netstandard13, >= netstandard16
      System.IO.FileSystem (>= 4.0.1) - framework: >= netstandard16
      System.Net.Primitives (>= 4.0.11) - framework: dnxcore50, netstandard11, netstandard13, >= netstandard16
      System.Resources.ResourceManager (>= 4.0.1) - framework: dnxcore50, netstandard13, >= netstandard16
      System.Runtime (>= 4.1) - framework: dnxcore50, netstandard11, netstandard13, >= netstandard16
      System.Runtime.Extensions (>= 4.1) - framework: dnxcore50, netstandard13, >= netstandard16
      System.Runtime.Handles (>= 4.0.1) - framework: netstandard13, >= netstandard16
      System.Runtime.InteropServices (>= 4.1) - framework: dnxcore50, netstandard13, >= netstandard16
      System.Security.Cryptography.Algorithms (>= 4.2) - framework: >= netstandard16
      System.Security.Cryptography.Encoding (>= 4.0) - framework: >= netstandard16
      System.Security.Cryptography.OpenSsl (>= 4.0) - framework: >= netstandard16
      System.Security.Cryptography.Primitives (>= 4.0) - framework: >= netstandard16
      System.Security.Cryptography.X509Certificates (>= 4.1) - framework: >= net46, dnxcore50, netstandard13, >= netstandard16
      System.Text.Encoding (>= 4.0.11) - framework: dnxcore50, netstandard11, netstandard13, >= netstandard16
      System.Threading (>= 4.0.11) - framework: dnxcore50, netstandard13, >= netstandard16
      System.Threading.Tasks (>= 4.0.11) - framework: dnxcore50, netstandard11, netstandard13, >= netstandard16
    System.Net.Primitives (4.0.11) - copy_local: true, redirects: force, framework: >= netstandard16
      Microsoft.NETCore.Platforms (>= 1.0.1) - framework: dnxcore50, netstandard10, netstandard11, >= netstandard13
      Microsoft.NETCore.Targets (>= 1.0.1) - framework: dnxcore50, netstandard10, netstandard11, >= netstandard13
      System.Runtime (>= 4.1) - framework: dnxcore50, netstandard10, netstandard11, >= netstandard13
      System.Runtime.Handles (>= 4.0.1) - framework: dnxcore50, >= netstandard13
    System.Net.Requests (4.0.11) - copy_local: true, redirects: force, framework: >= netstandard16
      Microsoft.NETCore.Platforms (>= 1.0.1) - framework: >= netstandard13
      System.Collections (>= 4.0.11) - framework: >= netstandard13
      System.Diagnostics.Debug (>= 4.0.11) - framework: >= netstandard13
      System.Diagnostics.Tracing (>= 4.1) - framework: >= netstandard13
      System.Globalization (>= 4.0.11) - framework: >= netstandard13
      System.IO (>= 4.1) - framework: dnxcore50, netstandard10, netstandard11, >= netstandard13
      System.Net.Http (>= 4.1) - framework: >= netstandard13
      System.Net.Primitives (>= 4.0.11) - framework: dnxcore50, netstandard10, netstandard11, >= netstandard13
      System.Net.WebHeaderCollection (>= 4.0.1) - framework: dnxcore50, >= netstandard13
      System.Resources.ResourceManager (>= 4.0.1) - framework: >= netstandard13
      System.Runtime (>= 4.1) - framework: dnxcore50, netstandard10, netstandard11, >= netstandard13
      System.Threading (>= 4.0.11) - framework: >= netstandard13
      System.Threading.Tasks (>= 4.0.11) - framework: dnxcore50, netstandard11, >= netstandard13
    System.Net.Sockets (4.1) - copy_local: true, redirects: force, framework: >= netstandard16
      Microsoft.NETCore.Platforms (>= 1.0.1) - framework: >= netstandard13
      Microsoft.NETCore.Targets (>= 1.0.1) - framework: >= netstandard13
      System.IO (>= 4.1) - framework: >= netstandard13
      System.Net.Primitives (>= 4.0.11) - framework: >= netstandard13
      System.Runtime (>= 4.1) - framework: >= netstandard13
      System.Threading.Tasks (>= 4.0.11) - framework: >= netstandard13
    System.Net.WebHeaderCollection (4.0.1) - copy_local: true, redirects: force, framework: >= netstandard16
      System.Collections (>= 4.0.11) - framework: >= netstandard13
      System.Resources.ResourceManager (>= 4.0.1) - framework: >= netstandard13
      System.Runtime (>= 4.1) - framework: >= netstandard13
      System.Runtime.Extensions (>= 4.1) - framework: >= netstandard13
    System.ObjectModel (4.0.12) - framework: dnxcore50, >= netstandard16
      System.Collections (>= 4.0.11) - framework: dnxcore50, >= netstandard13
      System.Diagnostics.Debug (>= 4.0.11) - framework: dnxcore50, >= netstandard13
      System.Resources.ResourceManager (>= 4.0.1) - framework: dnxcore50, >= netstandard13
      System.Runtime (>= 4.1) - framework: dnxcore50, netstandard10, >= netstandard13
      System.Threading (>= 4.0.11) - framework: dnxcore50, >= netstandard13
    System.Reflection (4.1) - framework: dnxcore50, >= netstandard16
      Microsoft.NETCore.Platforms (>= 1.0.1) - framework: dnxcore50, netstandard10, netstandard13, >= netstandard15
      Microsoft.NETCore.Targets (>= 1.0.1) - framework: dnxcore50, netstandard10, netstandard13, >= netstandard15
      System.IO (>= 4.1) - framework: dnxcore50, netstandard10, netstandard13, >= netstandard15
      System.Reflection.Primitives (>= 4.0.1) - framework: dnxcore50, netstandard10, netstandard13, >= netstandard15
      System.Runtime (>= 4.1) - framework: dnxcore50, netstandard10, netstandard13, >= netstandard15
    System.Reflection.Emit (4.0.1) - copy_local: true, redirects: force, framework: >= netstandard16
      System.IO (>= 4.1) - framework: >= netstandard11
      System.Reflection (>= 4.1) - framework: >= netstandard11
      System.Reflection.Emit.ILGeneration (>= 4.0.1) - framework: >= netstandard11, monotouch, xamarinios
      System.Reflection.Primitives (>= 4.0.1) - framework: >= netstandard11
      System.Runtime (>= 4.1) - framework: >= netstandard11
    System.Reflection.Emit.ILGeneration (4.0.1) - copy_local: true, redirects: force, framework: dnxcore50, >= netstandard16
      System.Reflection (>= 4.1) - framework: >= netstandard10
      System.Reflection.Primitives (>= 4.0.1) - framework: >= netstandard10
      System.Runtime (>= 4.1) - framework: >= netstandard10
    System.Reflection.Emit.Lightweight (4.0.1) - copy_local: true, redirects: force, framework: dnxcore50, >= netstandard16
      System.Reflection (>= 4.1) - framework: >= netstandard10
      System.Reflection.Emit.ILGeneration (>= 4.0.1) - framework: >= netstandard10, monoandroid, monotouch, xamarinios, xamarinmac
      System.Reflection.Primitives (>= 4.0.1) - framework: >= netstandard10
      System.Runtime (>= 4.1) - framework: >= netstandard10
    System.Reflection.Extensions (4.0.1) - framework: dnxcore50, >= netstandard16
      Microsoft.NETCore.Platforms (>= 1.0.1) - framework: dnxcore50, >= netstandard10
      Microsoft.NETCore.Targets (>= 1.0.1) - framework: dnxcore50, >= netstandard10
      System.Reflection (>= 4.1) - framework: dnxcore50, >= netstandard10
      System.Runtime (>= 4.1) - framework: dnxcore50, >= netstandard10
    System.Reflection.Primitives (4.0.1) - framework: dnxcore50, >= netstandard16
      Microsoft.NETCore.Platforms (>= 1.0.1) - framework: dnxcore50, >= netstandard10
      Microsoft.NETCore.Targets (>= 1.0.1) - framework: dnxcore50, >= netstandard10
      System.Runtime (>= 4.1) - framework: dnxcore50, >= netstandard10
    System.Reflection.TypeExtensions (4.1) - copy_local: true, redirects: force, framework: dnxcore50, >= netstandard16
      System.Reflection (>= 4.1) - framework: >= net462, dnxcore50, netstandard13, >= netstandard15
      System.Runtime (>= 4.1) - framework: dnxcore50, netstandard13, >= netstandard15
    System.Resources.ResourceManager (4.0.1) - framework: dnxcore50, >= netstandard16
      Microsoft.NETCore.Platforms (>= 1.0.1) - framework: dnxcore50, >= netstandard10
      Microsoft.NETCore.Targets (>= 1.0.1) - framework: dnxcore50, >= netstandard10
      System.Globalization (>= 4.0.11) - framework: dnxcore50, >= netstandard10
      System.Reflection (>= 4.1) - framework: dnxcore50, >= netstandard10
      System.Runtime (>= 4.1) - framework: dnxcore50, >= netstandard10
    System.Runtime (4.1) - framework: dnxcore50, >= netstandard16
      Microsoft.NETCore.Platforms (>= 1.0.1) - framework: dnxcore50, netstandard10, netstandard12, netstandard13, >= netstandard15
      Microsoft.NETCore.Targets (>= 1.0.1) - framework: dnxcore50, netstandard10, netstandard12, netstandard13, >= netstandard15
    System.Runtime.Extensions (4.1) - framework: dnxcore50, >= netstandard16
      Microsoft.NETCore.Platforms (>= 1.0.1) - framework: dnxcore50, netstandard10, netstandard13, >= netstandard15
      Microsoft.NETCore.Targets (>= 1.0.1) - framework: dnxcore50, netstandard10, netstandard13, >= netstandard15
      System.Runtime (>= 4.1) - framework: dnxcore50, netstandard10, netstandard13, >= netstandard15
    System.Runtime.Handles (4.0.1) - copy_local: true, redirects: force, framework: >= netstandard16
      Microsoft.NETCore.Platforms (>= 1.0.1) - framework: >= netstandard13
      Microsoft.NETCore.Targets (>= 1.0.1) - framework: >= netstandard13
      System.Runtime (>= 4.1) - framework: >= netstandard13
    System.Runtime.InteropServices (4.1) - copy_local: true, redirects: force, framework: >= netstandard16
      Microsoft.NETCore.Platforms (>= 1.0.1) - framework: dnxcore50, netstandard11, netstandard12, netstandard13, >= netstandard15
      Microsoft.NETCore.Targets (>= 1.0.1) - framework: dnxcore50, netstandard11, netstandard12, netstandard13, >= netstandard15
      System.Reflection (>= 4.1) - framework: dnxcore50, netstandard11, netstandard12, netstandard13, >= netstandard15
      System.Reflection.Primitives (>= 4.0.1) - framework: dnxcore50, netstandard11, netstandard12, netstandard13, >= netstandard15
      System.Runtime (>= 4.1) - framework: >= net462, dnxcore50, netstandard11, netstandard12, netstandard13, >= netstandard15
      System.Runtime.Handles (>= 4.0.1) - framework: dnxcore50, netstandard13, >= netstandard15
    System.Runtime.InteropServices.RuntimeInformation (4.0) - copy_local: true, redirects: force, framework: >= netstandard16
      Microsoft.NETCore.Platforms (>= 1.0.1) - framework: dnxcore50, >= netstandard11
      runtime.native.System (>= 4.0) - framework: >= netstandard11
      System.Reflection (>= 4.1) - framework: dnxcore50, >= netstandard11
      System.Resources.ResourceManager (>= 4.0.1) - framework: dnxcore50, >= netstandard11
      System.Runtime (>= 4.1) - framework: dnxcore50, >= netstandard11
      System.Runtime.InteropServices (>= 4.1) - framework: >= netstandard11
      System.Threading (>= 4.0.11) - framework: dnxcore50, >= netstandard11
    System.Runtime.Loader (4.0) - copy_local: true, redirects: force, framework: >= netstandard16
      System.IO (>= 4.1) - framework: >= netstandard15
      System.Reflection (>= 4.1) - framework: >= netstandard15
      System.Runtime (>= 4.1) - framework: >= netstandard15
    System.Runtime.Numerics (4.0.1) - copy_local: true, redirects: force, framework: >= netstandard16
      System.Globalization (>= 4.0.11) - framework: dnxcore50, >= netstandard13
      System.Resources.ResourceManager (>= 4.0.1) - framework: dnxcore50, >= netstandard13
      System.Runtime (>= 4.1) - framework: dnxcore50, netstandard11, >= netstandard13
      System.Runtime.Extensions (>= 4.1) - framework: dnxcore50, >= netstandard13
    System.Security.Cryptography.Algorithms (4.2) - copy_local: true, redirects: force, framework: >= netstandard16
      Microsoft.NETCore.Platforms (>= 1.0.1) - framework: dnxcore50, >= netstandard16
      runtime.native.System.Security.Cryptography (>= 4.0) - framework: >= netstandard16
      System.Collections (>= 4.0.11) - framework: >= netstandard16
      System.IO (>= 4.1) - framework: >= net463, dnxcore50, netstandard13, netstandard14, >= netstandard16
      System.Resources.ResourceManager (>= 4.0.1) - framework: dnxcore50, >= netstandard16
      System.Runtime (>= 4.1) - framework: >= net463, dnxcore50, netstandard13, netstandard14, >= netstandard16
      System.Runtime.Extensions (>= 4.1) - framework: dnxcore50, >= netstandard16
      System.Runtime.Handles (>= 4.0.1) - framework: dnxcore50, >= netstandard16
      System.Runtime.InteropServices (>= 4.1) - framework: dnxcore50, >= netstandard16
      System.Runtime.Numerics (>= 4.0.1) - framework: >= netstandard16
      System.Security.Cryptography.Encoding (>= 4.0) - framework: >= net463, dnxcore50, >= netstandard16
      System.Security.Cryptography.Primitives (>= 4.0) - framework: net46, net461, >= net463, dnxcore50, netstandard13, netstandard14, >= netstandard16
      System.Text.Encoding (>= 4.0.11) - framework: dnxcore50, >= netstandard16
    System.Security.Cryptography.Cng (4.2) - copy_local: true, redirects: force, framework: >= netstandard16
      Microsoft.NETCore.Platforms (>= 1.0.1) - framework: netstandard14, >= netstandard16
      System.IO (>= 4.1) - framework: netstandard13, netstandard14, >= netstandard16
      System.Resources.ResourceManager (>= 4.0.1) - framework: netstandard14, >= netstandard16
      System.Runtime (>= 4.1) - framework: netstandard13, netstandard14, >= netstandard16
      System.Runtime.Extensions (>= 4.1) - framework: netstandard14, >= netstandard16
      System.Runtime.Handles (>= 4.0.1) - framework: netstandard13, netstandard14, >= netstandard16
      System.Runtime.InteropServices (>= 4.1) - framework: netstandard14, >= netstandard16
      System.Security.Cryptography.Algorithms (>= 4.2) - framework: net46, net461, >= net463, netstandard13, netstandard14, >= netstandard16
      System.Security.Cryptography.Encoding (>= 4.0) - framework: netstandard14, >= netstandard16
      System.Security.Cryptography.Primitives (>= 4.0) - framework: net46, net461, >= net463, netstandard13, netstandard14, >= netstandard16
      System.Text.Encoding (>= 4.0.11) - framework: netstandard14, >= netstandard16
    System.Security.Cryptography.Csp (4.0) - copy_local: true, redirects: force, framework: >= netstandard16
      Microsoft.NETCore.Platforms (>= 1.0.1) - framework: >= netstandard13
      System.IO (>= 4.1) - framework: >= netstandard13
      System.Reflection (>= 4.1) - framework: >= netstandard13
      System.Resources.ResourceManager (>= 4.0.1) - framework: >= netstandard13
      System.Runtime (>= 4.1) - framework: >= netstandard13
      System.Runtime.Extensions (>= 4.1) - framework: >= netstandard13
      System.Runtime.Handles (>= 4.0.1) - framework: >= netstandard13
      System.Runtime.InteropServices (>= 4.1) - framework: >= netstandard13
      System.Security.Cryptography.Algorithms (>= 4.2) - framework: >= net46, >= netstandard13
      System.Security.Cryptography.Encoding (>= 4.0) - framework: >= netstandard13
      System.Security.Cryptography.Primitives (>= 4.0) - framework: >= net46, >= netstandard13
      System.Text.Encoding (>= 4.0.11) - framework: >= netstandard13
      System.Threading (>= 4.0.11) - framework: >= netstandard13
    System.Security.Cryptography.Encoding (4.0) - copy_local: true, redirects: force, framework: >= netstandard16
      Microsoft.NETCore.Platforms (>= 1.0.1) - framework: >= netstandard13
      runtime.native.System.Security.Cryptography (>= 4.0) - framework: >= netstandard13
      System.Collections (>= 4.0.11) - framework: >= netstandard13
      System.Collections.Concurrent (>= 4.0.12) - framework: >= netstandard13
      System.Linq (>= 4.1) - framework: >= netstandard13
      System.Resources.ResourceManager (>= 4.0.1) - framework: >= netstandard13
      System.Runtime (>= 4.1) - framework: >= netstandard13
      System.Runtime.Extensions (>= 4.1) - framework: >= netstandard13
      System.Runtime.Handles (>= 4.0.1) - framework: >= netstandard13
      System.Runtime.InteropServices (>= 4.1) - framework: >= netstandard13
      System.Security.Cryptography.Primitives (>= 4.0) - framework: >= netstandard13
      System.Text.Encoding (>= 4.0.11) - framework: >= netstandard13
    System.Security.Cryptography.OpenSsl (4.0) - copy_local: true, redirects: force, framework: >= netstandard16
      runtime.native.System.Security.Cryptography (>= 4.0)
      System.Collections (>= 4.0.11) - framework: >= netstandard16
      System.IO (>= 4.1) - framework: >= netstandard16
      System.Resources.ResourceManager (>= 4.0.1) - framework: >= netstandard16
      System.Runtime (>= 4.1) - framework: >= netstandard16
      System.Runtime.Extensions (>= 4.1) - framework: >= net463, >= netstandard16
      System.Runtime.Handles (>= 4.0.1) - framework: >= netstandard16
      System.Runtime.InteropServices (>= 4.1) - framework: >= netstandard16
      System.Runtime.Numerics (>= 4.0.1) - framework: >= netstandard16
      System.Security.Cryptography.Algorithms (>= 4.2) - framework: >= net463, >= netstandard16
      System.Security.Cryptography.Encoding (>= 4.0) - framework: >= net463, >= netstandard16
      System.Security.Cryptography.Primitives (>= 4.0) - framework: >= net463, >= netstandard16
      System.Text.Encoding (>= 4.0.11) - framework: >= netstandard16
    System.Security.Cryptography.Primitives (4.0) - copy_local: true, redirects: force, framework: >= netstandard16
      System.Diagnostics.Debug (>= 4.0.11) - framework: >= netstandard13
      System.Globalization (>= 4.0.11) - framework: >= netstandard13
      System.IO (>= 4.1) - framework: >= netstandard13
      System.Resources.ResourceManager (>= 4.0.1) - framework: >= netstandard13
      System.Runtime (>= 4.1) - framework: >= netstandard13
      System.Threading (>= 4.0.11) - framework: >= netstandard13
      System.Threading.Tasks (>= 4.0.11) - framework: >= netstandard13
    System.Security.Cryptography.X509Certificates (4.1) - copy_local: true, redirects: force, framework: >= netstandard16
      Microsoft.NETCore.Platforms (>= 1.0.1) - framework: dnxcore50, >= netstandard16
      runtime.native.System (>= 4.0) - framework: >= netstandard16
      runtime.native.System.Net.Http (>= 4.0.1) - framework: >= netstandard16
      runtime.native.System.Security.Cryptography (>= 4.0) - framework: >= netstandard16
      System.Collections (>= 4.0.11) - framework: dnxcore50, >= netstandard16
      System.Diagnostics.Debug (>= 4.0.11) - framework: >= netstandard16
      System.Globalization (>= 4.0.11) - framework: dnxcore50, >= netstandard16
      System.Globalization.Calendars (>= 4.0.1) - framework: dnxcore50, >= netstandard16
      System.IO (>= 4.1) - framework: dnxcore50, >= netstandard16
      System.IO.FileSystem (>= 4.0.1) - framework: dnxcore50, >= netstandard16
      System.IO.FileSystem.Primitives (>= 4.0.1) - framework: >= netstandard16
      System.Resources.ResourceManager (>= 4.0.1) - framework: dnxcore50, >= netstandard16
      System.Runtime (>= 4.1) - framework: dnxcore50, netstandard13, netstandard14, >= netstandard16
      System.Runtime.Extensions (>= 4.1) - framework: dnxcore50, >= netstandard16
      System.Runtime.Handles (>= 4.0.1) - framework: dnxcore50, netstandard13, netstandard14, >= netstandard16
      System.Runtime.InteropServices (>= 4.1) - framework: dnxcore50, >= netstandard16
      System.Runtime.Numerics (>= 4.0.1) - framework: dnxcore50, >= netstandard16
      System.Security.Cryptography.Algorithms (>= 4.2) - framework: net46, >= net461, dnxcore50, netstandard13, netstandard14, >= netstandard16
      System.Security.Cryptography.Cng (>= 4.2) - framework: dnxcore50, >= netstandard16
      System.Security.Cryptography.Csp (>= 4.0) - framework: >= netstandard16
      System.Security.Cryptography.Encoding (>= 4.0) - framework: net46, >= net461, dnxcore50, netstandard13, netstandard14, >= netstandard16
      System.Security.Cryptography.OpenSsl (>= 4.0) - framework: >= netstandard16
      System.Security.Cryptography.Primitives (>= 4.0) - framework: dnxcore50, >= netstandard16
      System.Text.Encoding (>= 4.0.11) - framework: dnxcore50, >= netstandard16
      System.Threading (>= 4.0.11) - framework: dnxcore50, >= netstandard16
    System.Text.Encoding (4.0.11) - copy_local: true, redirects: force, framework: dnxcore50, >= netstandard16
      Microsoft.NETCore.Platforms (>= 1.0.1) - framework: dnxcore50, netstandard10, >= netstandard13
      Microsoft.NETCore.Targets (>= 1.0.1) - framework: dnxcore50, netstandard10, >= netstandard13
      System.Runtime (>= 4.1) - framework: dnxcore50, netstandard10, >= netstandard13
    System.Text.Encoding.Extensions (4.0.11) - copy_local: true, redirects: force, framework: >= netstandard16
      Microsoft.NETCore.Platforms (>= 1.0.1) - framework: dnxcore50, netstandard10, >= netstandard13
      Microsoft.NETCore.Targets (>= 1.0.1) - framework: dnxcore50, netstandard10, >= netstandard13
      System.Runtime (>= 4.1) - framework: dnxcore50, netstandard10, >= netstandard13
      System.Text.Encoding (>= 4.0.11) - framework: dnxcore50, netstandard10, >= netstandard13
    System.Text.RegularExpressions (4.1) - framework: dnxcore50, >= netstandard16
      System.Collections (>= 4.0.11) - framework: dnxcore50, >= netstandard16
      System.Globalization (>= 4.0.11) - framework: dnxcore50, >= netstandard16
      System.Resources.ResourceManager (>= 4.0.1) - framework: dnxcore50, >= netstandard16
      System.Runtime (>= 4.1) - framework: dnxcore50, netstandard10, netstandard13, >= netstandard16
      System.Runtime.Extensions (>= 4.1) - framework: dnxcore50, >= netstandard16
      System.Threading (>= 4.0.11) - framework: dnxcore50, >= netstandard16
    System.Threading (4.0.11) - framework: dnxcore50, >= netstandard16
      System.Runtime (>= 4.1) - framework: dnxcore50, netstandard10, >= netstandard13
      System.Threading.Tasks (>= 4.0.11) - framework: dnxcore50, netstandard10, >= netstandard13
    System.Threading.Tasks (4.0.11) - framework: dnxcore50, >= netstandard16
      Microsoft.NETCore.Platforms (>= 1.0.1) - framework: dnxcore50, netstandard10, >= netstandard13
      Microsoft.NETCore.Targets (>= 1.0.1) - framework: dnxcore50, netstandard10, >= netstandard13
      System.Runtime (>= 4.1) - framework: dnxcore50, netstandard10, >= netstandard13
    System.Threading.Tasks.Extensions (4.0) - copy_local: true, redirects: force, framework: >= netstandard16
      System.Collections (>= 4.0.11) - framework: >= netstandard10
      System.Runtime (>= 4.1) - framework: >= netstandard10
      System.Threading.Tasks (>= 4.0.11) - framework: >= netstandard10
    System.Threading.Tasks.Parallel (4.0.1) - copy_local: true, redirects: force, framework: >= netstandard16
      System.Collections.Concurrent (>= 4.0.12) - framework: dnxcore50, netstandard11, >= netstandard13
      System.Diagnostics.Debug (>= 4.0.11) - framework: dnxcore50, >= netstandard13
      System.Diagnostics.Tracing (>= 4.1) - framework: dnxcore50, >= netstandard13
      System.Resources.ResourceManager (>= 4.0.1) - framework: dnxcore50, >= netstandard13
      System.Runtime (>= 4.1) - framework: dnxcore50, netstandard11, >= netstandard13
      System.Runtime.Extensions (>= 4.1) - framework: dnxcore50, >= netstandard13
      System.Threading (>= 4.0.11) - framework: dnxcore50, >= netstandard13
      System.Threading.Tasks (>= 4.0.11) - framework: dnxcore50, netstandard11, >= netstandard13
    System.Threading.Thread (4.0) - copy_local: true, redirects: force, framework: >= netstandard16
      System.Runtime (>= 4.1) - framework: >= netstandard13
    System.Threading.ThreadPool (4.0.10) - copy_local: true, redirects: force, framework: >= netstandard16
      System.Runtime (>= 4.1) - framework: >= netstandard13
      System.Runtime.Handles (>= 4.0.1) - framework: >= netstandard13
    System.Threading.Timer (4.0.1) - copy_local: true, redirects: force, framework: >= netstandard16
      Microsoft.NETCore.Platforms (>= 1.0.1) - framework: dnxcore50, >= netstandard12
      Microsoft.NETCore.Targets (>= 1.0.1) - framework: dnxcore50, >= netstandard12
      System.Runtime (>= 4.1) - framework: dnxcore50, >= netstandard12
    System.Xml.ReaderWriter (4.0.11) - copy_local: true, redirects: force, framework: >= netstandard16
      System.Collections (>= 4.0.11) - framework: dnxcore50, >= netstandard13
      System.Diagnostics.Debug (>= 4.0.11) - framework: dnxcore50, >= netstandard13
      System.Globalization (>= 4.0.11) - framework: dnxcore50, >= netstandard13
      System.IO (>= 4.1) - framework: dnxcore50, netstandard10, >= netstandard13
      System.IO.FileSystem (>= 4.0.1) - framework: dnxcore50, >= netstandard13
      System.IO.FileSystem.Primitives (>= 4.0.1) - framework: dnxcore50, >= netstandard13
      System.Resources.ResourceManager (>= 4.0.1) - framework: dnxcore50, >= netstandard13
      System.Runtime (>= 4.1) - framework: dnxcore50, netstandard10, >= netstandard13
      System.Runtime.Extensions (>= 4.1) - framework: dnxcore50, >= netstandard13
      System.Runtime.InteropServices (>= 4.1) - framework: dnxcore50, >= netstandard13
      System.Text.Encoding (>= 4.0.11) - framework: dnxcore50, netstandard10, >= netstandard13
      System.Text.Encoding.Extensions (>= 4.0.11) - framework: dnxcore50, >= netstandard13
      System.Text.RegularExpressions (>= 4.1) - framework: dnxcore50, >= netstandard13
      System.Threading.Tasks (>= 4.0.11) - framework: dnxcore50, netstandard10, >= netstandard13
      System.Threading.Tasks.Extensions (>= 4.0) - framework: dnxcore50, >= netstandard13
    System.Xml.XDocument (4.0.11) - copy_local: true, redirects: force, framework: >= netstandard16
      System.Collections (>= 4.0.11) - framework: dnxcore50, >= netstandard13
      System.Diagnostics.Debug (>= 4.0.11) - framework: dnxcore50, >= netstandard13
      System.Diagnostics.Tools (>= 4.0.1) - framework: dnxcore50, >= netstandard13
      System.Globalization (>= 4.0.11) - framework: dnxcore50, >= netstandard13
      System.IO (>= 4.1) - framework: dnxcore50, netstandard10, >= netstandard13
      System.Reflection (>= 4.1) - framework: dnxcore50, >= netstandard13
      System.Resources.ResourceManager (>= 4.0.1) - framework: dnxcore50, >= netstandard13
      System.Runtime (>= 4.1) - framework: dnxcore50, netstandard10, >= netstandard13
      System.Runtime.Extensions (>= 4.1) - framework: dnxcore50, >= netstandard13
      System.Text.Encoding (>= 4.0.11) - framework: dnxcore50, >= netstandard13
      System.Threading (>= 4.0.11) - framework: dnxcore50, >= netstandard13
      System.Xml.ReaderWriter (>= 4.0.11) - framework: dnxcore50, netstandard10, >= netstandard13
    xunit (2.1)
      xunit.assert (2.1)
      xunit.core (2.1)
    xunit.abstractions (2.0) - framework: >= net45, dnx451, dnxcore50, monoandroid, monotouch, portable-net45+win80+wp80+wpa81, xamarinios, winv4.5, wpv8.0, wpav8.1
    xunit.assert (2.1)
      System.Collections (>= 4.0) - framework: dnxcore50
      System.Diagnostics.Debug (>= 4.0) - framework: dnxcore50
      System.Globalization (>= 4.0) - framework: dnxcore50
      System.Linq (>= 4.0) - framework: dnxcore50
      System.ObjectModel (>= 4.0) - framework: dnxcore50
      System.Reflection (>= 4.0) - framework: dnxcore50
      System.Reflection.Extensions (>= 4.0) - framework: dnxcore50
      System.Runtime (>= 4.0) - framework: dnxcore50
      System.Runtime.Extensions (>= 4.0) - framework: dnxcore50
      System.Text.RegularExpressions (>= 4.0) - framework: dnxcore50
      System.Threading.Tasks (>= 4.0) - framework: dnxcore50
    xunit.core (2.1)
      System.Collections (>= 4.0) - framework: dnxcore50
      System.Diagnostics.Debug (>= 4.0) - framework: dnxcore50
      System.Globalization (>= 4.0) - framework: dnxcore50
      System.Linq (>= 4.0) - framework: dnxcore50
      System.Reflection (>= 4.0) - framework: dnxcore50
      System.Reflection.Extensions (>= 4.0) - framework: dnxcore50
      System.Runtime (>= 4.0) - framework: dnxcore50
      System.Runtime.Extensions (>= 4.0) - framework: dnxcore50
      System.Threading.Tasks (>= 4.0) - framework: dnxcore50
      xunit.abstractions (>= 2.0) - framework: dnxcore50
      xunit.extensibility.core (2.1) - framework: >= net45, dnx451, dnxcore50, monoandroid, monotouch, portable-net45+win80+wp80+wpa81, xamarinios, winv4.5, wpv8.0, wpav8.1
      xunit.extensibility.execution (2.1) - framework: >= net45, dnx451, dnxcore50, monoandroid, monotouch, portable-net45+win80+wp80+wpa81, xamarinios, winv4.5, wpv8.0, wpav8.1
    xunit.extensibility.core (2.1) - framework: >= net45, dnx451, dnxcore50, monoandroid, monotouch, portable-net45+win80+wp80+wpa81, xamarinios, winv4.5, wpv8.0, wpav8.1
      xunit.abstractions (2.0)
    xunit.extensibility.execution (2.1)
      System.Collections (>= 4.0) - framework: dnxcore50
      System.Diagnostics.Debug (>= 4.0) - framework: dnxcore50
      System.Globalization (>= 4.0) - framework: dnxcore50
      System.IO (>= 4.0) - framework: dnxcore50
      System.Linq (>= 4.0) - framework: dnxcore50
      System.Linq.Expressions (>= 4.0) - framework: dnxcore50
      System.Reflection (>= 4.0) - framework: dnxcore50
      System.Reflection.Extensions (>= 4.0) - framework: dnxcore50
      System.Runtime (>= 4.0) - framework: dnxcore50
      System.Runtime.Extensions (>= 4.0) - framework: dnxcore50
      System.Text.Encoding (>= 4.0) - framework: dnxcore50
      System.Threading (>= 4.0) - framework: dnxcore50
      System.Threading.Tasks (>= 4.0) - framework: dnxcore50
      xunit.abstractions (>= 2.0) - framework: dnxcore50
      xunit.extensibility.core (2.1) - framework: >= net45, dnx451, dnxcore50, monoandroid, monotouch, xamarinios, winv4.5, wpv8.0, wpav8.1
    xunit.runners (2.0)
GITHUB
  remote: fsharp/FAKE
    modules/Octokit/Octokit.fsx (8fd20ae42c996060bc8bedb821edfb50517cdd8b)
      Octokit