FRAMEWORK: NET45
NUGET
  remote: http://api.nuget.org/v3/index.json
    FAKE (4.37.2)
    Foq (1.7.1)
    FsCheck (2.6)
      FSharp.Core (>= 3.1.2.5)
    FsCheck.NUnit (2.6)
      FsCheck (>= 2.6)
      NUnit (>= 2.6.4 < 2.7)
      NUnit.Runners (>= 2.6.4 < 2.7)
    FsCheck.Xunit (2.6)
      FsCheck (>= 2.6)
      xunit.extensibility.execution (>= 2.1 < 3.0)
    FSharp.Compiler.Service (2.0.0.6)
    FSharp.Core (4.0.0.1) - copy_local: true, redirects: force
    FSharp.Formatting (2.14.4)
      FSharp.Compiler.Service (2.0.0.6)
      FSharpVSPowerTools.Core (>= 2.3 < 2.4)
    FSharpVSPowerTools.Core (2.3)
      FSharp.Compiler.Service (>= 2.0.0.3)
    log4net (2.0.5)
    Microsoft.Owin (3.0.1)
      Owin (>= 1.0)
    NUnit (2.6.4) - framework: >= net45
    NUnit.Runners (2.6.4)
    Octokit (0.21.1)
    Owin (1.0)
    SourceLink.Fake (1.1)
    StatsdCsharpClient (1.3)
    System.Runtime (4.0)
    xunit (2.1)
      xunit.assert (2.1)
      xunit.core (2.1)
    xunit.abstractions (2.0)
    xunit.assert (2.1)
    xunit.core (2.1)
      xunit.extensibility.core (2.1)
      xunit.extensibility.execution (2.1)
    xunit.extensibility.core (2.1)
      xunit.abstractions (2.0)
    xunit.extensibility.execution (2.1)
      xunit.extensibility.core (2.1)
    xunit.runner.console (2.1)
GITHUB
  remote: fsharp/FAKE
    modules/Octokit/Octokit.fsx (7faaaf53e4a8fbe04a4d2b4c1bfc5d09bd82eed6)